PATH
  remote: .
  specs:
    the_shining_source (0.2.0)
      faraday (~> 0.8.1)
      faraday_middleware (~> 0.8)
      hashie (~> 1.2.0)

GEM
  remote: http://rubygems.org/
  specs:
    addressable (2.8.1)
      public_suffix (>= 2.0.2, < 6.0)
    builder (3.2.2)
    ci_reporter (1.9.0)
      builder (>= 2.1.2)
    crack (0.4.1)
      safe_yaml (~> 0.9.0)
    diff-lcs (1.2.4)
    faraday (0.8.11)
      multipart-post (~> 1.2.0)
    faraday_middleware (0.12.2)
      faraday (>= 0.7.4, < 1.0)
    hashie (1.2.0)
    multi_json (1.8.2)
    multipart-post (1.2.0)
    public_suffix (5.0.0)
    rake (13.0.1)
    reek (1.2.13)
      ripper_ruby_parser (~> 0.0.7)
      ruby2ruby (~> 1.2.5)
      ruby_parser (~> 2.0)
      sexp_processor (~> 3.0)
    ripper_ruby_parser (0.0.8)
      sexp_processor (~> 3.0)
    roodi (2.1.0)
      ruby_parser
    rspec (2.14.1)
      rspec-core (~> 2.14.0)
      rspec-expectations (~> 2.14.0)
      rspec-mocks (~> 2.14.0)
    rspec-core (2.14.7)
    rspec-expectations (2.14.3)
      diff-lcs (>= 1.1.3, < 2.0)
    rspec-mocks (2.14.4)
    ruby2ruby (1.2.5)
      ruby_parser (~> 2.0)
      sexp_processor (~> 3.0)
    ruby_parser (2.3.1)
      sexp_processor (~> 3.0)
    safe_yaml (0.9.7)
    sexp_processor (3.2.0)
    simplecov (0.7.1)
      multi_json (~> 1.0)
      simplecov-html (~> 0.7.1)
    simplecov-html (0.7.1)
    simplecov-rcov (0.2.3)
      simplecov (>= 0.4.1)
    webmock (1.9.3)
      addressable (>= 2.2.7)
      crack (>= 0.3.2)

PLATFORMS
  ruby

DEPENDENCIES
  bundler
  ci_reporter
  rake (>= 12.3.3)
  reek (~> 1.2.12)
  roodi (~> 2.1.0)
  rspec
  simplecov (~> 0.7.1)
  simplecov-rcov
  the_shining_source!
  webmock (~> 1.9.0)

BUNDLED WITH
   1.17.2
